GEM
  specs:
    ast (2.4.2)
    parser (3.1.1.0)
      ast (~> 2.4.1)
    rubocop-ast (1.16.0)
      parser (>= 3.1.1.0)

PLATFORMS
  x86_64-linux

DEPENDENCIES
  rubocop-ast

BUNDLED WITH
   2.3.4
